GIT
  remote: git://github.com/jdantonio/ratistics.git
  revision: fe33114c0e43a824742a16a5cf4a5c9712c6b453
  specs:
    ratistics (0.2.3)

GEM
  remote: http://rubygems.org/
  specs:
    awesome_print (1.0.2)
    boson (1.2.4)
    clipboard (1.0.1)
    coderay (1.0.9)
    diff-lcs (1.2.1)
    every_day_irb (1.4.0)
    fancy_irb (0.7.3)
      paint (>= 0.8.1)
      unicode-display_width (>= 0.1.1)
    g (1.7.2)
    hamster (0.4.3)
    hirb (0.7.1)
    iconv (1.0.2)
    interactive_editor (0.0.10)
      spoon (>= 0.0.1)
    irbtools (1.4.0)
      awesome_print (~> 1.0.2)
      boson (~> 1.2.4)
      clipboard (~> 1.0.1)
      coderay (~> 1.0.8)
      every_day_irb (>= 1.4.0)
      fancy_irb (>= 0.7.3)
      g (>= 1.7.1)
      hirb (~> 0.7.0)
      interactive_editor (>= 0.0.10)
      method_locator (>= 0.0.4)
      method_source (>= 0.8.1)
      methodfinder (>= 1.2.5)
      ori (~> 0.1.0)
      paint (>= 0.8.5)
      wirb (>= 0.4.3)
      zucker (>= 12.1)
    method_locator (0.0.4)
    method_source (0.8.1)
    methodfinder (1.2.5)
    ori (0.1.0)
    paint (0.8.5)
    rake (10.0.3)
    rspec (2.13.0)
      rspec-core (~> 2.13.0)
      rspec-expectations (~> 2.13.0)
      rspec-mocks (~> 2.13.0)
    rspec-core (2.13.1)
    rspec-expectations (2.13.0)
      diff-lcs (>= 1.1.3, < 2.0)
    rspec-mocks (2.13.0)
    spoon (0.0.1)
    unicode-display_width (0.1.1)
    wirb (1.0.1)
      paint
    zucker (12.1)

PLATFORMS
  ruby

DEPENDENCIES
  hamster
  iconv
  irbtools
  rake
  ratistics!
  rspec
